GEM
  remote: http://rubygems.org/
  specs:
    activesupport (3.2.8)
      i18n (~> 0.6)
      multi_json (~> 1.0)
    adsf (1.1.1)
      rack (>= 1.0.0)
    andand (1.3.3)
    builder (3.1.3)
    chunky_png (1.2.6)
    coffee-script (2.2.0)
      coffee-script-source
      execjs
    coffee-script-source (1.3.3)
    colored (1.2)
    compass (0.12.2)
      chunky_png (~> 1.2)
      fssm (>= 0.2.7)
      sass (~> 3.1)
    cri (2.3.0)
      colored (>= 1.2)
    execjs (1.4.0)
      multi_json (~> 1.0)
    faker (1.0.1)
      i18n (~> 0.4)
    fssm (0.2.9)
    haml (3.1.7)
    i18n (0.6.1)
    kramdown (0.13.8)
    libv8 (3.3.10.4)
    mime-types (1.19)
    multi_json (1.3.6)
    nanoc (3.4.0)
      cri (~> 2.2)
    nokogiri (1.5.5)
    rack (1.4.1)
    rack-rewrite (1.2.1)
    sass (3.2.1)
    sequel (3.39.0)
    systemu (2.5.2)
    therubyracer (0.10.2)
      libv8 (~> 3.3.10)
    thor (0.16.0)
    uglifier (1.3.0)
      execjs (>= 0.3.0)
      multi_json (~> 1.0, >= 1.0.2)

PLATFORMS
  ruby

DEPENDENCIES
  activesupport
  adsf
  andand
  builder
  coffee-script
  compass
  faker
  haml
  kramdown
  mime-types
  nanoc
  nokogiri
  rack
  rack-rewrite
  sequel
  systemu
  therubyracer
  thor
  uglifier
