GEM
  remote: http://rubygems.org/
  specs:
    chunky_png (1.2.0)
    compass (0.11.5)
      chunky_png (~> 1.2)
      fssm (>= 0.2.7)
      sass (~> 3.1)
    cri (2.0.2)
    fssm (0.2.7)
    haml (3.1.2)
    mime-types (1.16)
    nanoc (3.2.1)
      nanoc3 (>= 3.2.1)
    nanoc3 (3.2.1)
      cri (~> 2.0)
    rack (1.3.2)
    sass (3.1.7)

PLATFORMS
  ruby

DEPENDENCIES
  compass
  haml
  mime-types
  nanoc
  rack
