GEM
  remote: https://rubygems.org/
  specs:
    activesupport (3.2.12)
      i18n (~> 0.6)
      multi_json (~> 1.0)
    adsf (1.1.1)
      rack (>= 1.0.0)
    andand (1.3.3)
    builder (3.2.0)
    chunky_png (1.2.7)
    coffee-script (2.2.0)
      coffee-script-source
      execjs
    coffee-script-source (1.6.2)
    colored (1.2)
    compass (0.12.2)
      chunky_png (~> 1.2)
      fssm (>= 0.2.7)
      sass (~> 3.1)
    cri (2.3.0)
      colored (>= 1.2)
    excon (0.20.1)
    execjs (1.4.0)
      multi_json (~> 1.0)
    faker (1.1.2)
      i18n (~> 0.5)
    fog (1.10.0)
      builder
      excon (~> 0.14)
      formatador (~> 0.2.0)
      mime-types
      multi_json (~> 1.0)
      net-scp (~> 1.1)
      net-ssh (>= 2.1.3)
      nokogiri (~> 1.5.0)
      ruby-hmac
    formatador (0.2.4)
    fssm (0.2.10)
    haml (4.0.1)
      tilt
    i18n (0.6.4)
    kramdown (1.0.1)
    libv8 (3.11.8.17)
    mime-types (1.21)
    multi_json (1.7.2)
    nanoc (3.6.2)
      cri (~> 2.3)
    net-scp (1.1.0)
      net-ssh (>= 2.6.5)
    net-ssh (2.6.6)
    nokogiri (1.5.9)
    rack (1.5.2)
    rack-rewrite (1.3.3)
    ref (1.0.4)
    ruby-hmac (0.4.0)
    sass (3.2.7)
    sequel (3.45.0)
    systemu (2.5.2)
    therubyracer (0.11.4)
      libv8 (~> 3.11.8.12)
      ref
    thor (0.17.0)
    tilt (1.3.6)
    uglifier (1.3.0)
      execjs (>= 0.3.0)
      multi_json (~> 1.0, >= 1.0.2)

PLATFORMS
  ruby

DEPENDENCIES
  activesupport
  adsf
  andand
  builder
  coffee-script
  compass
  faker
  fog
  haml
  kramdown
  mime-types
  nanoc
  nokogiri
  rack
  rack-rewrite
  sequel
  systemu
  therubyracer
  thor
  uglifier
