GEM
  remote: http://rubygems.org/
  specs:
    activesupport (3.2.3)
      i18n (~> 0.6)
      multi_json (~> 1.0)
    adsf (1.1.1)
      rack (>= 1.0.0)
    andand (1.3.3)
    builder (3.0.0)
    chunky_png (1.2.5)
    coffee-script (2.2.0)
      coffee-script-source
      execjs
    coffee-script-source (1.2.0)
    compass (0.12.1)
      chunky_png (~> 1.2)
      fssm (>= 0.2.7)
      sass (~> 3.1)
    cri (2.2.1)
    execjs (1.3.0)
      multi_json (~> 1.0)
    faker (1.0.1)
      i18n (~> 0.4)
    fssm (0.2.8.1)
    haml (3.1.4)
    i18n (0.6.0)
    kramdown (0.13.5)
    libv8 (3.3.10.4)
    mime-types (1.18)
    multi_json (1.2.0)
    nanoc (3.3.2)
      cri (~> 2.2)
    nokogiri (1.5.2)
    rack (1.4.1)
    sass (3.1.15)
    sequel (3.34.1)
    therubyracer (0.10.1)
      libv8 (~> 3.3.10)
    thor (0.14.6)
    uglifier (1.2.4)
      execjs (>= 0.3.0)
      multi_json (>= 1.0.2)

PLATFORMS
  ruby

DEPENDENCIES
  activesupport
  adsf
  andand
  builder
  coffee-script
  compass
  faker
  haml
  kramdown
  mime-types
  nanoc
  nokogiri
  rack
  sequel
  therubyracer
  thor
  uglifier
