GEM
  remote: http://rubygems.org/
  specs:
    adsf (1.0.1)
      rack (>= 1.0.0)
    andand (1.3.1)
    chunky_png (1.2.1)
    coffee-script (2.2.0)
      coffee-script-source
      execjs
    coffee-script-source (1.1.2)
    compass (0.11.5)
      chunky_png (~> 1.2)
      fssm (>= 0.2.7)
      sass (~> 3.1)
    cri (2.0.2)
    execjs (1.2.4)
      multi_json (~> 1.0)
    faker (0.9.5)
      i18n (~> 0.4)
    fssm (0.2.7)
    haml (3.1.2)
    i18n (0.6.0)
    kramdown (0.13.3)
    mime-types (1.16)
    multi_json (1.0.3)
    nanoc (3.2.1)
      nanoc3 (>= 3.2.1)
    nanoc3 (3.2.1)
      cri (~> 2.0)
    nokogiri (1.5.0)
    rack (1.3.2)
    sass (3.1.7)

PLATFORMS
  ruby

DEPENDENCIES
  adsf
  andand
  coffee-script
  compass
  faker
  haml
  kramdown
  mime-types
  nanoc
  nokogiri
  rack
